NUGET
  remote: https://www.nuget.org/api/v2
    FAKE (5.8.4)
    FSharp.Compiler.Service (2.0.0.6)
    FSharp.Compiler.Tools (10.2.1)
    FSharp.Core (3.1.2.5)
    FSharp.Formatting (2.14.4)
      FSharp.Compiler.Service (2.0.0.6)
      FSharpVSPowerTools.Core (>= 2.3 < 2.4)
    FSharpVSPowerTools.Core (2.3)
      FSharp.Compiler.Service (>= 2.0.0.3)
    FsLexYacc (7.0.5)
      FsLexYacc.Runtime (>= 7.0.5 < 7.1)
    FsLexYacc.Runtime (7.0.5)
      FSharp.Core (>= 3.1.2.5)
    NUnit (2.6.3)
    NUnit.Runners (2.6.3)
